GEM
  remote: http://rubygems.org/
  specs:
    CFPropertyList (2.3.1)
    actionmailer (3.1.3)
      actionpack (= 3.1.3)
      mail (~> 2.3.0)
    actionpack (3.1.3)
      activemodel (= 3.1.3)
      activesupport (= 3.1.3)
      builder (~> 3.0.0)
      erubis (~> 2.7.0)
      i18n (~> 0.6)
      rack (~> 1.3.5)
      rack-cache (~> 1.1)
      rack-mount (~> 0.8.2)
      rack-test (~> 0.6.1)
      sprockets (~> 2.0.3)
    activemodel (3.1.3)
      activesupport (= 3.1.3)
      builder (~> 3.0.0)
      i18n (~> 0.6)
    activerecord (3.1.3)
      activemodel (= 3.1.3)
      activesupport (= 3.1.3)
      arel (~> 2.2.1)
      tzinfo (~> 0.3.29)
    activeresource (3.1.3)
      activemodel (= 3.1.3)
      activesupport (= 3.1.3)
    activesupport (3.1.3)
      multi_json (~> 1.0)
    acts_as_ferret (0.5.4)
      ferret (>= 0.11.8)
      rails (>= 3.0)
    acts_as_tree (0.1.1)
    ansi (1.5.0)
    arel (2.2.3)
    axlsx (1.3.6)
      htmlentities (~> 4.3.1)
      nokogiri (>= 1.4.1)
      rubyzip (>= 0.9.5)
    builder (3.0.0)
    capistrano (3.4.0)
      i18n
      rake (>= 10.0.0)
      sshkit (~> 1.3)
    chronic (0.6.7)
    colorize (0.7.5)
    crack (0.3.1)
    debugger-linecache (1.2.0)
    diff-lcs (1.1.3)
    erubis (2.7.0)
    excon (0.44.4)
    fast_xs (0.8.0)
    fastercsv (1.5.4)
    ferret (0.11.8.6)
    fission (0.5.0)
      CFPropertyList (~> 2.2)
    fog (1.28.0)
      fog-atmos
      fog-aws (~> 0.0)
      fog-brightbox (~> 0.4)
      fog-core (~> 1.27, >= 1.27.3)
      fog-ecloud
      fog-json
      fog-profitbricks
      fog-radosgw (>= 0.0.2)
      fog-riakcs
      fog-sakuracloud (>= 0.0.4)
      fog-serverlove
      fog-softlayer
      fog-storm_on_demand
      fog-terremark
      fog-vmfusion
      fog-voxel
      fog-xml (~> 0.1.1)
      ipaddress (~> 0.5)
      nokogiri (~> 1.5, >= 1.5.11)
    fog-atmos (0.1.0)
      fog-core
      fog-xml
    fog-aws (0.1.1)
      fog-core (~> 1.27)
      fog-json (~> 1.0)
      fog-xml (~> 0.1)
      ipaddress (~> 0.8)
    fog-brightbox (0.7.1)
      fog-core (~> 1.22)
      fog-json
      inflecto (~> 0.0.2)
    fog-core (1.29.0)
      builder
      excon (~> 0.38)
      formatador (~> 0.2)
      mime-types
      net-scp (~> 1.1)
      net-ssh (>= 2.1.3)
    fog-ecloud (0.0.2)
      fog-core
      fog-xml
    fog-json (1.0.0)
      multi_json (~> 1.0)
    fog-profitbricks (0.0.2)
      fog-core
      fog-xml
      nokogiri
    fog-radosgw (0.0.3)
      fog-core (>= 1.21.0)
      fog-json
      fog-xml (>= 0.0.1)
    fog-riakcs (0.1.0)
      fog-core
      fog-json
      fog-xml
    fog-sakuracloud (1.0.0)
      fog-core
      fog-json
    fog-serverlove (0.1.1)
      fog-core
      fog-json
    fog-softlayer (0.4.1)
      fog-core
      fog-json
    fog-storm_on_demand (0.1.0)
      fog-core
      fog-json
    fog-terremark (0.0.4)
      fog-core
      fog-xml
    fog-vmfusion (0.0.1)
      fission
      fog-core
    fog-voxel (0.0.2)
      fog-core
      fog-xml
    fog-xml (0.1.1)
      fog-core
      nokogiri (~> 1.5, >= 1.5.11)
    formatador (0.2.5)
    formtastic (2.0.2)
      rails (~> 3.0)
    galetahub-simple_captcha (0.1.5)
    hashie (3.4.0)
    hike (1.2.3)
    htmlentities (4.3.1)
    i18n (0.7.0)
    icalendar (2.2.2)
    inflecto (0.0.2)
    ipaddress (0.8.0)
    jquery-rails (3.1.2)
      railties (>= 3.0, < 5.0)
      thor (>= 0.14, < 2.0)
    jquery_datepicker (0.3.4)
    json (1.8.2)
    kgio (2.9.3)
    libxml-ruby (2.7.0)
    linkedin (1.0.0)
      hashie (~> 3.0)
      multi_json (~> 1.0)
      oauth (~> 0.4)
    liquid (2.4.1)
    mail (2.3.3)
      i18n (>= 0.4.0)
      mime-types (~> 1.16)
      treetop (~> 1.4.8)
    memcache-client (1.8.5)
    mime-types (1.25.1)
    mini_magick (3.8.1)
      subexec (~> 0.2.1)
    minitest (4.7.5)
    mixable_engines (0.1.1)
      activesupport (>= 3.0.0)
      i18n
    multi_json (1.11.0)
    net-scp (1.2.1)
      net-ssh (>= 2.6.5)
    net-sftp (2.0.5)
      net-ssh (>= 2.0.9)
    net-ssh (2.9.2)
    newrelic_rpm (3.11.1.284)
    nokogiri (1.5.11)
    oauth (0.4.7)
    pg (0.18.1)
    polyglot (0.3.5)
    pr_geohash (1.0.0)
    rack (1.3.10)
    rack-cache (1.2)
      rack (>= 0.4)
    rack-mount (0.8.3)
      rack (>= 1.0.0)
    rack-ssl (1.3.4)
      rack
    rack-test (0.6.3)
      rack (>= 1.0)
    rails (3.1.3)
      actionmailer (= 3.1.3)
      actionpack (= 3.1.3)
      activerecord (= 3.1.3)
      activeresource (= 3.1.3)
      activesupport (= 3.1.3)
      bundler (~> 1.0)
      railties (= 3.1.3)
    railties (3.1.3)
      actionpack (= 3.1.3)
      activesupport (= 3.1.3)
      rack-ssl (~> 1.3.2)
      rake (>= 0.8.7)
      rdoc (~> 3.4)
      thor (~> 0.14.6)
    raindrops (0.13.0)
    rake (10.4.2)
    rdoc (3.12.2)
      json (~> 1.4)
    recaptcha (0.4.0)
    render_with_missing_template (0.0.4)
      rails (>= 3.0.0)
    rest-client (1.6.7)
      mime-types (>= 1.16)
    rmagick (2.13.1)
    roo (1.13.2)
      nokogiri
      rubyzip
      spreadsheet (> 0.6.4)
    rsolr (1.0.12)
      builder (>= 2.1.2)
    ruby-ole (1.2.11.8)
    rubyzip (1.1.7)
    sanitize (2.0.3)
      nokogiri (>= 1.4.4, < 1.6)
    simple_captcha (0.1.3)
    simple_xlsx_writer (0.5.3)
      fast_xs (>= 0.7.3)
      rubyzip (>= 0.9.4)
    sneaky-save (0.0.2)
      activerecord (>= 2.3.2)
    spreadsheet (1.0.3)
      ruby-ole (>= 1.0)
    sprockets (2.0.5)
      hike (~> 1.2)
      rack (~> 1.0)
      tilt (~> 1.1, != 1.3.0)
    sqlite3 (1.3.10)
    sshkit (1.7.1)
      colorize (>= 0.7.0)
      net-scp (>= 1.1.2)
      net-ssh (>= 2.8.0)
    subexec (0.2.3)
    sunspot (2.1.1)
      pr_geohash (~> 1.0)
      rsolr (~> 1.0.7)
    sunspot_rails (2.1.1)
      nokogiri
      rails (>= 3)
      sunspot (= 2.1.1)
    sunspot_solr (2.1.1)
    thor (0.14.6)
    tilt (1.4.1)
    treetop (1.4.15)
      polyglot
      polyglot (>= 0.3.1)
    turn (0.9.7)
      ansi
      minitest (~> 4)
    tzinfo (0.3.43)
    unicorn (4.8.3)
      kgio (~> 2.6)
      rack
      raindrops (~> 0.7)
    will_paginate (3.0.7)
    write_xlsx (0.81.1)
      rubyzip (>= 1.0.0)
      zip-zip
    xhtmldiff (1.0.0)
      diff-lcs (>= 1.1.1)
    xml-simple (1.1.1)
    zip-zip (0.3)
      rubyzip (>= 1.0.0)

PLATFORMS
  ruby

DEPENDENCIES
  acts_as_ferret (>= 0.5)
  acts_as_tree (= 0.1.1)
  axlsx
  builder (= 3.0.0)
  capistrano
  chronic (= 0.6.7)
  crack (= 0.3.1)
  debugger-linecache (= 1.2.0)
  diff-lcs (= 1.1.3)
  fastercsv (= 1.5.4)
  fog
  formtastic (= 2.0.2)
  galetahub-simple_captcha
  htmlentities (= 4.3.1)
  icalendar
  jquery-rails
  jquery_datepicker (= 0.3.4)
  json
  libxml-ruby (~> 2.7.0)
  linkedin
  liquid (= 2.4.1)
  memcache-client
  mime-types
  mini_magick (~> 3.4)
  mixable_engines (= 0.1.1)
  net-sftp (= 2.0.5)
  net-ssh
  newrelic_rpm
  nokogiri
  oauth
  pg
  rails (= 3.1.3)
  recaptcha
  render_with_missing_template
  rest-client (= 1.6.7)
  rmagick (= 2.13.1)
  roo
  rubyzip
  sanitize (= 2.0.3)
  simple_captcha
  simple_xlsx_writer
  sneaky-save
  spreadsheet (~> 1.0.1)
  sqlite3 (~> 1.3.10)
  sunspot_rails
  sunspot_solr
  turn
  unicorn
  will_paginate (>= 3.0.pre)
  write_xlsx
  xhtmldiff (= 1.0.0)
  xml-simple (= 1.1.1)
